PATH
  remote: .
  specs:
    opal-rollbar (1.0)

GEM
  remote: https://rubygems.org/
  specs:
    concurrent-ruby (1.0.5)
    diff-lcs (1.2.5)
    hike (1.2.3)
    opal (0.9.4)
      hike (~> 1.2)
      sourcemap (~> 0.1.0)
      sprockets (~> 3.1)
      tilt (>= 1.4)
    rack (1.5.5)
    rake (10.4.2)
    rspec (3.4.0)
      rspec-core (~> 3.4.0)
      rspec-expectations (~> 3.4.0)
      rspec-mocks (~> 3.4.0)
    rspec-core (3.4.4)
      rspec-support (~> 3.4.0)
    rspec-expectations (3.4.0)
      diff-lcs (>= 1.2.0, < 2.0)
      rspec-support (~> 3.4.0)
    rspec-mocks (3.4.1)
      diff-lcs (>= 1.2.0, < 2.0)
      rspec-support (~> 3.4.0)
    rspec-support (3.4.1)
    sourcemap (0.1.1)
    sprockets (3.6.3)
      concurrent-ruby (~> 1.0)
      rack (> 1, < 3)
    tilt (2.0.8)

PLATFORMS
  ruby

DEPENDENCIES
  bundler (~> 1.16)
  opal
  opal-rollbar!
  rake (~> 10.0)
  rspec (~> 3.0)

BUNDLED WITH
   1.16.4
